GEM
  remote: http://rubygems.org/
  specs:
    actionmailer (2.3.14)
      actionpack (= 2.3.14)
    actionpack (2.3.14)
      activesupport (= 2.3.14)
      rack (~> 1.1.0)
    activerecord (2.3.14)
      activesupport (= 2.3.14)
    activeresource (2.3.14)
      activesupport (= 2.3.14)
    activesupport (2.3.14)
    builder (3.0.0)
    ci_reporter (1.7.0)
      builder (>= 2.1.2)
    erubis (2.7.0)
    exception_notification (1.0.20090728)
    fast_xs (0.8.0)
    nokogiri (1.5.4)
    pkg-config (1.1.2)
    rack (1.1.2)
    rack-test (0.6.1)
      rack (>= 1.0)
    rails (2.3.14)
      actionmailer (= 2.3.14)
      actionpack (= 2.3.14)
      activerecord (= 2.3.14)
      activeresource (= 2.3.14)
      activesupport (= 2.3.14)
      rake (>= 0.8.3)
    rails_xss (0.1.3.1)
    rake (0.9.2.2)
    sqlite3 (1.3.6)
    test-unit (2.5.0)
    webrat (0.7.3)
      nokogiri (>= 1.2.0)
      rack (>= 1.0)
      rack-test (>= 0.5.3)
    xmlhash (1.2.2)
      pkg-config

PLATFORMS
  ruby

DEPENDENCIES
  ci_reporter
  erubis
  exception_notification (< 1.1)
  fast_xs
  nokogiri (~> 1.5.0)
  rails (= 2.3.14)
  rails_xss
  sqlite3
  test-unit
  webrat (>= 0.4.3)
  xmlhash (= 1.2.2)
