GEM
  remote: http://rubygems.org/
  specs:
    addressable (2.2.8)
    builder (3.0.0)
    childprocess (0.3.3)
      ffi (~> 1.0.6)
    colored (1.2)
    ffi (1.0.11)
    headless (0.3.1)
    libwebsocket (0.1.4)
      addressable
    multi_json (1.3.6)
    rubyzip (0.9.9)
    selenium-webdriver (2.24.0)
      childprocess (>= 0.2.5)
      libwebsocket (~> 0.1.3)
      multi_json (~> 1.0)
      rubyzip

PLATFORMS
  ruby

DEPENDENCIES
  builder
  colored
  headless
  selenium-webdriver
